GEM
  remote: http://rubygems.org/
  specs:
    bourbon (3.1.1)
      sass (>= 3.2.0)
      thor
    haml (3.1.8)
    neat (1.2.0)
      bourbon (>= 2.1)
      sass (>= 3.2)
    rack (1.5.2)
    rake (10.0.3)
    sass (3.2.7)
    shotgun (0.9)
      rack (>= 1.0)
    sinatra (1.2.8)
      rack (~> 1.1)
      tilt (>= 1.2.2, < 2.0)
    thor (0.17.0)
    tilt (1.3.5)

PLATFORMS
  ruby

DEPENDENCIES
  bourbon
  haml (~> 3.1.4)
  neat
  rake
  sass
  shotgun (~> 0.9)
  sinatra (~> 1.2.3)
