GEM
  remote: http://rubygems.org/
  specs:
    bourbon (2.1.1)
      sass (>= 3.1)
    chunky_png (1.2.7)
    compass (0.11.7)
      chunky_png (~> 1.2)
      fssm (>= 0.2.7)
      sass (~> 3.1)
    fssm (0.2.10)
    haml (3.1.8)
    rack (1.5.2)
    rake (10.0.3)
    sass (3.1.21)
    shotgun (0.9)
      rack (>= 1.0)
    sinatra (1.2.8)
      rack (~> 1.1)
      tilt (>= 1.2.2, < 2.0)
    tilt (1.3.5)

PLATFORMS
  ruby

DEPENDENCIES
  bourbon
  compass (~> 0.11.6)
  haml (~> 3.1.4)
  rake
  sass (~> 3.1.12)
  shotgun (~> 0.9)
  sinatra (~> 1.2.3)
